PATH
  remote: .
  specs:
    march-audit (0.1.2)
      chronic_duration (~> 0.10)
      dotenv (~> 2.1)
      octokit (~> 4.0)
      thor (~> 0.19)

GEM
  remote: https://rubygems.org/
  specs:
    addressable (2.5.0)
      public_suffix (~> 2.0, >= 2.0.2)
    chronic_duration (0.10.6)
      numerizer (~> 0.1.1)
    coderay (1.1.1)
    dotenv (2.1.2)
    faraday (0.11.0)
      multipart-post (>= 1.2, < 3)
    method_source (0.8.2)
    multipart-post (2.0.0)
    numerizer (0.1.1)
    octokit (4.6.2)
      sawyer (~> 0.8.0, >= 0.5.3)
    pry (0.10.4)
      coderay (~> 1.1.0)
      method_source (~> 0.8.1)
      slop (~> 3.4)
    public_suffix (2.0.5)
    rake (11.3.0)
    sawyer (0.8.1)
      addressable (>= 2.3.5, < 2.6)
      faraday (~> 0.8, < 1.0)
    slop (3.6.0)
    thor (0.19.4)

PLATFORMS
  ruby
  x64-mingw32

DEPENDENCIES
  march-audit!
  pry (~> 0.10)
  rake (~> 11.3)

BUNDLED WITH
   1.13.7
